GIT
  remote: git://github.com/dkastner/moneta.git
  revision: 415617f24cda0fcb95b0168877062741a14dfcc0
  specs:
    moneta (0.6.0)

GEM
  remote: http://rubygems.org/
  specs:
    abstract (1.0.0)
    actionmailer (3.0.3)
      actionpack (= 3.0.3)
      mail (~> 2.2.9)
    actionpack (3.0.3)
      activemodel (= 3.0.3)
      activesupport (= 3.0.3)
      builder (~> 2.1.2)
      erubis (~> 2.6.6)
      i18n (~> 0.4)
      rack (~> 1.2.1)
      rack-mount (~> 0.6.13)
      rack-test (~> 0.5.6)
      tzinfo (~> 0.3.23)
    activemodel (3.0.3)
      activesupport (= 3.0.3)
      builder (~> 2.1.2)
      i18n (~> 0.4)
    activerecord (3.0.3)
      activemodel (= 3.0.3)
      activesupport (= 3.0.3)
      arel (~> 2.0.2)
      tzinfo (~> 0.3.23)
    activeresource (3.0.3)
      activemodel (= 3.0.3)
      activesupport (= 3.0.3)
    activesupport (3.0.3)
    amatch (0.2.5)
    andand (1.3.1)
    arel (2.0.7)
    blockenspiel (0.4.1)
    bson (1.2.0)
    builder (2.1.2)
    capybara (0.4.1.1)
      celerity (>= 0.7.9)
      culerity (>= 0.2.4)
      mime-types (>= 1.16)
      nokogiri (>= 1.3.3)
      rack (>= 1.0.0)
      rack-test (>= 0.5.4)
      selenium-webdriver (>= 0.0.27)
      xpath (~> 0.1.3)
    carbon (1.0.4)
      activesupport (>= 2.3.5)
      blockenspiel
      conversions
      i18n
      nap
      timeframe
    celerity (0.8.7)
    childprocess (0.1.6)
      ffi (~> 0.6.3)
    cohort_scope (0.1.3)
      activerecord (>= 3.0.0.beta4)
      activesupport (>= 3.0.0.beta4)
    conversions (1.4.5)
      activesupport (>= 2.3.4)
    crack (0.1.8)
    cucumber (0.10.0)
      builder (>= 2.1.2)
      diff-lcs (~> 1.1.2)
      gherkin (~> 2.3.2)
      json (~> 1.4.6)
      term-ansicolor (~> 1.0.5)
    cucumber-rails (0.3.2)
      cucumber (>= 0.8.0)
    culerity (0.2.15)
    data_miner (1.1.4)
      activerecord (>= 2.3.4)
      activesupport (>= 2.3.4)
      blockenspiel (>= 0.3.2)
      conversions (>= 1.4.4)
      errata (>= 1.0.1)
      escape (>= 0.0.4)
      remote_table (>= 1.1.0)
      taps (>= 0.3.11)
    diff-lcs (1.1.2)
    dkastner-moneta (0.7.0)
    earth (0.3.15)
      activerecord (~> 3)
      cohort_scope (>= 0.0.7)
      conversions (>= 1.4.5)
      data_miner (~> 1.1.1)
      errata
      falls_back_on (>= 0.0.3)
      geokit (>= 1.5.0)
      loose_tight_dictionary (>= 0.0.8)
      weighted_average (>= 0.0.4)
    errata (1.0.1)
      activesupport (>= 2.3.4)
      remote_table (~> 1)
    erubis (2.6.6)
      abstract (>= 1.0.0)
    escape (0.0.4)
    falls_back_on (0.0.3)
      activerecord
    fastercsv (1.5.4)
    ffi (0.6.3)
      rake (>= 0.8.7)
    geokit (1.5.0)
    gherkin (2.3.3)
      json (~> 1.4.6)
    google-spreadsheet-ruby (0.1.2)
      nokogiri (>= 1.4.3.1)
      oauth (>= 0.3.6)
    gyoku (0.3.1)
      builder (>= 2.1.2)
    httpclient (2.1.6.1)
    httpi (0.7.9)
      rack
    i18n (0.5.0)
    json (1.4.6)
    json_pure (1.5.1)
    loose_tight_dictionary (0.0.9)
      activesupport (>= 2.3.4)
      amatch (>= 0.2.5)
      andand (>= 1.3.1)
    mail (2.2.15)
      activesupport (>= 2.3.6)
      i18n (>= 0.4.0)
      mime-types (~> 1.16)
      treetop (~> 1.4.8)
    mime-types (1.16)
    mongo (1.2.0)
      bson (>= 1.2.0)
    nap (0.4)
    nokogiri (1.4.4)
    oauth (0.4.4)
    polyglot (0.3.1)
    rack (1.2.1)
    rack-mount (0.6.13)
      rack (>= 1.0.0)
    rack-test (0.5.7)
      rack (>= 1.0)
    rails (3.0.3)
      actionmailer (= 3.0.3)
      actionpack (= 3.0.3)
      activerecord (= 3.0.3)
      activeresource (= 3.0.3)
      activesupport (= 3.0.3)
      bundler (~> 1.0)
      railties (= 3.0.3)
    railties (3.0.3)
      actionpack (= 3.0.3)
      activesupport (= 3.0.3)
      rake (>= 0.8.7)
      thor (~> 0.14.4)
    rake (0.8.7)
    remote_table (1.1.0)
      activesupport (>= 2.3.4)
      builder
      escape (>= 0.0.4)
      fastercsv (>= 1.5.0)
      google-spreadsheet-ruby
      i18n
      nokogiri (>= 1.4.1)
      roo (~> 1.9)
      slither (>= 0.99.4)
      spreadsheet
      zip
    rest-client (1.6.1)
      mime-types (>= 1.16)
    roo (1.9.3)
    rspec (2.4.0)
      rspec-core (~> 2.4.0)
      rspec-expectations (~> 2.4.0)
      rspec-mocks (~> 2.4.0)
    rspec-core (2.4.0)
    rspec-expectations (2.4.0)
      diff-lcs (~> 1.1.2)
    rspec-mocks (2.4.0)
    rspec-rails (2.4.1)
      actionpack (~> 3.0)
      activesupport (~> 3.0)
      railties (~> 3.0)
      rspec (~> 2.4.0)
    ruby-ole (1.2.11.1)
    rubyzip (0.9.4)
    savon (0.8.5)
      builder (>= 2.1.2)
      crack (~> 0.1.8)
      gyoku (>= 0.3.0)
      httpi (>= 0.7.8)
    selenium-webdriver (0.1.2)
      childprocess (~> 0.1.5)
      ffi (~> 0.6.3)
      json_pure
      rubyzip
    sequel (3.17.0)
    sinatra (1.0)
      rack (>= 1.0)
    slither (0.99.4)
    spreadsheet (0.6.5.1)
      ruby-ole (>= 1.0)
    sqlite3 (1.3.3)
    sqlite3-ruby (1.3.3)
      sqlite3 (>= 1.3.3)
    taps (0.3.15)
      json (~> 1.4.6)
      rack (>= 1.0.1)
      rest-client (>= 1.4.0, < 1.7.0)
      sequel (~> 3.17.0)
      sinatra (~> 1.0.0)
      sqlite3-ruby (~> 1.2)
    term-ansicolor (1.0.5)
    thor (0.14.6)
    timeframe (0.0.8)
      activesupport (>= 2.3.5)
    treetop (1.4.9)
      polyglot (>= 0.3.1)
    tronprint (0.0.13)
      carbon (~> 1.0.3)
      dkastner-moneta
      i18n
    tzinfo (0.3.24)
    weighted_average (0.0.6)
      activerecord (~> 3)
      arel (~> 2)
    xpath (0.1.3)
      nokogiri (~> 1.3)
    zip (2.0.2)

PLATFORMS
  ruby

DEPENDENCIES
  capybara
  carbon
  cucumber
  cucumber-rails
  earth (~> 0.3.7)
  httpclient (~> 2.1)
  moneta!
  mongo
  rails (= 3.0.3)
  rspec
  rspec-rails
  savon (~> 0.8)
  sqlite3-ruby
  tronprint
