GEM
  remote: http://rubygems.org/
  specs:
    abstract (1.0.0)
    actionmailer (3.0.3)
      actionpack (= 3.0.3)
      mail (~> 2.2.9)
    actionpack (3.0.3)
      activemodel (= 3.0.3)
      activesupport (= 3.0.3)
      builder (~> 2.1.2)
      erubis (~> 2.6.6)
      i18n (~> 0.4)
      rack (~> 1.2.1)
      rack-mount (~> 0.6.13)
      rack-test (~> 0.5.6)
      tzinfo (~> 0.3.23)
    activemodel (3.0.3)
      activesupport (= 3.0.3)
      builder (~> 2.1.2)
      i18n (~> 0.4)
    activerecord (3.0.3)
      activemodel (= 3.0.3)
      activesupport (= 3.0.3)
      arel (~> 2.0.2)
      tzinfo (~> 0.3.23)
    activeresource (3.0.3)
      activemodel (= 3.0.3)
      activesupport (= 3.0.3)
    activesupport (3.0.3)
    amatch (0.2.5)
    andand (1.3.1)
    arel (2.0.9)
    blockenspiel (0.4.1)
    bson (1.3.1)
    builder (2.1.2)
    cache (0.2.4)
      activesupport (>= 2.3.11)
      i18n
    cache_method (0.1.5)
      cache (>= 0.2.1)
    capybara (0.4.1.2)
      celerity (>= 0.7.9)
      culerity (>= 0.2.4)
      mime-types (>= 1.16)
      nokogiri (>= 1.3.3)
      rack (>= 1.0.0)
      rack-test (>= 0.5.4)
      selenium-webdriver (>= 0.0.27)
      xpath (~> 0.1.3)
    carbon (1.0.4)
      activesupport (>= 2.3.5)
      blockenspiel
      conversions
      i18n
      nap
      timeframe
    celerity (0.8.9)
    childprocess (0.1.9)
      ffi (~> 1.0.6)
    cohort_scope (0.1.5)
      activerecord (~> 3.0.0)
      activesupport (~> 3.0.0)
    conversions (1.4.5)
      activesupport (>= 2.3.4)
    crack (0.1.8)
    cucumber (0.10.2)
      builder (>= 2.1.2)
      diff-lcs (>= 1.1.2)
      gherkin (>= 2.3.5)
      json (>= 1.4.6)
      term-ansicolor (>= 1.0.5)
    cucumber-rails (0.4.1)
      cucumber (>= 0.10.1)
      nokogiri (>= 1.4.4)
      rack-test (>= 0.5.7)
    culerity (0.2.15)
    data_miner (1.1.8)
      activerecord (>= 2.3.4)
      activesupport (>= 2.3.4)
      blockenspiel (>= 0.3.2)
      conversions (>= 1.4.4)
      errata (>= 1.0.1)
      escape (>= 0.0.4)
      remote_table (>= 1.2.2)
      taps (>= 0.3.11)
    diff-lcs (1.1.2)
    dkastner-moneta (1.0.3)
    earth (0.4.9)
      cohort_scope (~> 0.1.5)
      data_miner (~> 1.1.4)
      falls_back_on (~> 0.1.3)
      geokit-rails
      loose_tight_dictionary (~> 0.0.10)
      weighted_average (~> 0.0.6)
    ensure-encoding (0.1)
    errata (1.0.3)
      activesupport (>= 2.3.4)
      remote_table (>= 1.1.7)
      to_regexp (>= 0.0.2)
    erubis (2.6.6)
      abstract (>= 1.0.0)
    escape (0.0.4)
    falls_back_on (0.1.3)
      cache_method
      lock_method (>= 0.1.1)
    fastercsv (1.5.4)
    ffi (1.0.7)
      rake (>= 0.8.7)
    geokit (1.5.0)
    geokit-rails (1.1.4)
      geokit (>= 1.5.0)
    gherkin (2.3.7)
      json (>= 1.4.6)
    google-spreadsheet-ruby (0.1.4)
      nokogiri (>= 1.4.3.1)
      oauth (>= 0.3.6)
    gyoku (0.4.3)
      builder (>= 2.1.2)
    hoptoad_notifier (2.4.9)
      activesupport
      builder
    httpclient (2.2.0.2)
    httpi (0.9.3)
      ntlm-http (>= 0.1.1)
      rack
    i18n (0.5.0)
    json (1.5.1)
    json_pure (1.5.1)
    lock_method (0.2.0)
      cache (>= 0.2.1)
    loose_tight_dictionary (0.0.10)
      activesupport (>= 2.3.4)
      amatch (>= 0.2.5)
      andand (>= 1.3.1)
    mail (2.2.19)
      activesupport (>= 2.3.6)
      i18n (>= 0.4.0)
      mime-types (~> 1.16)
      treetop (~> 1.4.8)
    mime-types (1.16)
    mongo (1.3.1)
      bson (>= 1.3.1)
    nap (0.4)
    nokogiri (1.4.4)
    nori (0.2.0)
    ntlm-http (0.1.1)
    oauth (0.4.4)
    polyglot (0.3.1)
    posix-spawn (0.3.6)
    rack (1.2.2)
    rack-mount (0.6.14)
      rack (>= 1.0.0)
    rack-test (0.5.7)
      rack (>= 1.0)
    rails (3.0.3)
      actionmailer (= 3.0.3)
      actionpack (= 3.0.3)
      activerecord (= 3.0.3)
      activeresource (= 3.0.3)
      activesupport (= 3.0.3)
      bundler (~> 1.0)
      railties (= 3.0.3)
    railties (3.0.3)
      actionpack (= 3.0.3)
      activesupport (= 3.0.3)
      rake (>= 0.8.7)
      thor (~> 0.14.4)
    rake (0.8.7)
    remote_table (1.2.2)
      activesupport (>= 2.3.4)
      builder
      ensure-encoding
      escape (>= 0.0.4)
      fastercsv (>= 1.5.0)
      google-spreadsheet-ruby
      i18n
      nokogiri (>= 1.4.1)
      posix-spawn
      roo (~> 1.9)
      slither (>= 0.99.4)
      spreadsheet
      zip
    rest-client (1.6.1)
      mime-types (>= 1.16)
    roo (1.9.3)
    rspec (2.6.0)
      rspec-core (~> 2.6.0)
      rspec-expectations (~> 2.6.0)
      rspec-mocks (~> 2.6.0)
    rspec-core (2.6.0)
    rspec-expectations (2.6.0)
      diff-lcs (~> 1.1.2)
    rspec-mocks (2.6.0)
    rspec-rails (2.6.0)
      actionpack (~> 3.0)
      activesupport (~> 3.0)
      railties (~> 3.0)
      rspec (~> 2.6.0)
    ruby-ole (1.2.11.1)
    rubyzip (0.9.4)
    savon (0.9.2)
      builder (>= 2.1.2)
      gyoku (>= 0.4.0)
      httpi (>= 0.7.8)
      nokogiri (>= 1.4.0)
      nori (>= 0.2.0)
    selenium-webdriver (0.2.0)
      childprocess (>= 0.1.7)
      ffi (>= 1.0.7)
      json_pure
      rubyzip
    sequel (3.20.0)
    sinatra (1.0)
      rack (>= 1.0)
    slither (0.99.4)
    spreadsheet (0.6.5.4)
      ruby-ole (>= 1.0)
    sqlite3 (1.3.3)
    sqlite3-ruby (1.3.3)
      sqlite3 (>= 1.3.3)
    taps (0.3.23)
      rack (>= 1.0.1)
      rest-client (>= 1.4.0, < 1.7.0)
      sequel (~> 3.20.0)
      sinatra (~> 1.0.0)
      sqlite3-ruby (~> 1.2)
    term-ansicolor (1.0.5)
    thor (0.14.6)
    timeframe (0.0.10)
      activesupport (>= 2.3.5)
      i18n
    to_regexp (0.0.3)
    treetop (1.4.9)
      polyglot (>= 0.3.1)
    tronprint (0.0.16)
      carbon (~> 1.0.3)
      dkastner-moneta (~> 1.0.3)
      i18n
    tzinfo (0.3.27)
    weighted_average (0.0.6)
      activerecord (~> 3)
      arel (~> 2)
    xpath (0.1.4)
      nokogiri (~> 1.3)
    zip (2.0.2)

PLATFORMS
  ruby

DEPENDENCIES
  capybara
  carbon
  crack
  cucumber
  cucumber-rails
  dkastner-moneta
  earth
  hoptoad_notifier
  httpclient (~> 2.1)
  mongo
  rails (= 3.0.3)
  rspec
  rspec-rails
  savon (~> 0.8)
  sqlite3-ruby
  tronprint
