GEM
  remote: http://rubygems.org/
  specs:
    aasm (3.0.8)
    actionmailer (3.2.8)
      actionpack (= 3.2.8)
      mail (~> 2.4.4)
    actionpack (3.2.8)
      activemodel (= 3.2.8)
      activesupport (= 3.2.8)
      builder (~> 3.0.0)
      erubis (~> 2.7.0)
      journey (~> 1.0.4)
      rack (~> 1.4.0)
      rack-cache (~> 1.2)
      rack-test (~> 0.6.1)
      sprockets (~> 2.1.3)
    active_record_inline_schema (0.5.9)
      activerecord (>= 3)
      activesupport
    activemodel (3.2.8)
      activesupport (= 3.2.8)
      builder (~> 3.0.0)
    activerecord (3.2.8)
      activemodel (= 3.2.8)
      activesupport (= 3.2.8)
      arel (~> 3.0.2)
      tzinfo (~> 0.3.29)
    activeresource (3.2.8)
      activemodel (= 3.2.8)
      activesupport (= 3.2.8)
    activesupport (3.2.8)
      i18n (~> 0.6)
      multi_json (~> 1.0)
    addressable (2.3.2)
    airbrake (3.1.2)
      activesupport
      builder
    arel (3.0.2)
    blockenspiel (0.4.5)
    bombshell (0.1.6)
    brighter_planet_metadata (0.2.1)
      activesupport (>= 2.3.4)
      cache_method
      i18n
      multi_json
    bson (1.6.4)
    bson_ext (1.6.4)
      bson (~> 1.6.4)
    builder (3.0.0)
    cache (0.3.3)
      activesupport (>= 2.3.11)
      i18n
    cache_method (0.2.5)
      cache (>= 0.2.1)
    capybara (1.1.2)
      mime-types (>= 1.16)
      nokogiri (>= 1.3.3)
      rack (>= 1.0.0)
      rack-test (>= 0.5.4)
      selenium-webdriver (~> 2.0)
      xpath (~> 0.1.4)
    carbon (1.1.3)
      activesupport (>= 2.3.5)
      blockenspiel
      bombshell
      brighter_planet_metadata
      conversions
      i18n
      nap
      timeframe
    childprocess (0.3.5)
      ffi (~> 1.0, >= 1.0.6)
    choice (0.1.6)
    cohort_analysis (1.0.3)
      activesupport (>= 3)
      arel (>= 3)
    conversions (1.4.6)
      activesupport (>= 2.3.4)
    crack (0.3.1)
    cucumber (1.2.1)
      builder (>= 2.1.2)
      diff-lcs (>= 1.1.3)
      gherkin (~> 2.11.0)
      json (>= 1.4.6)
    cucumber-rails (1.3.0)
      capybara (>= 1.1.2)
      cucumber (>= 1.1.8)
      nokogiri (>= 1.5.0)
    dalli (2.1.0)
    data_miner (2.4.1)
      aasm
      active_record_inline_schema (>= 0.5.6)
      activerecord (>= 2.3.4)
      activesupport (>= 2.3.4)
      errata (>= 1.0.1)
      posix-spawn
      remote_table (>= 2.0.2)
      unix_utils
      upsert (>= 0.3.1)
    diff-lcs (1.1.3)
    dkastner-moneta (1.1.1)
    earth (1.0.3)
      activerecord
      activesupport
      cohort_analysis
      conversions
      data_miner (>= 2.4.0)
      falls_back_on
      fixed_width-multibyte
      fuzzy_match (>= 1.3.3)
      geokit
      remote_table (>= 2.0.2)
      table_warnings (>= 1.0.1)
      timeframe
      to_regexp
      weighted_average (>= 1.0.2)
    errata (1.1.1)
      activesupport (>= 2.3.4)
      remote_table (>= 1.1.7)
      to_regexp (>= 0.0.2)
    erubis (2.7.0)
    execjs (1.4.0)
      multi_json (~> 1.0)
    falls_back_on (0.1.4)
      cache_method (>= 0.2.0)
      lock_method (>= 0.4.0)
    faraday (0.8.4)
      multipart-post (~> 1.1)
    fastercsv (1.5.5)
    ffi (1.1.5)
    fixed_width-multibyte (0.2.3)
      activesupport
    fuzzy_match (1.3.3)
      active_record_inline_schema (>= 0.4.0)
      activesupport (>= 3)
      to_regexp (>= 0.0.3)
    geokit (1.6.5)
      multi_json
    gherkin (2.11.2)
      json (>= 1.4.6)
    google-spreadsheet-ruby (0.3.0)
      google_drive (>= 0.3.0)
    google_drive (0.3.1)
      nokogiri (>= 1.4.4, != 1.5.2, != 1.5.1)
      oauth (>= 0.3.6)
      oauth2 (>= 0.5.0)
    gyoku (0.4.6)
      builder (>= 2.1.2)
    hash_digest (1.0.0)
      activesupport
    hike (1.2.1)
    httpauth (0.1)
    httpclient (2.2.7)
    httpi (1.1.1)
      rack
    i18n (0.6.0)
    journey (1.0.4)
    jquery-rails (2.1.1)
      railties (>= 3.1.0, < 5.0)
      thor (~> 0.14)
    json (1.7.5)
    jwt (0.1.5)
      multi_json (>= 1.0)
    kgio (2.7.4)
    libwebsocket (0.1.5)
      addressable
    lock_method (0.5.5)
      activesupport
      cache (>= 0.2.1)
    log4r (1.1.10)
    mail (2.4.4)
      i18n (>= 0.4.0)
      mime-types (~> 1.16)
      treetop (~> 1.4.8)
    mime-types (1.19)
    mongo (1.6.4)
      bson (~> 1.6.4)
    multi_json (1.3.6)
    multipart-post (1.1.5)
    nap (0.5.1)
    nokogiri (1.5.5)
    nori (0.2.3)
    oauth (0.4.6)
    oauth2 (0.8.0)
      faraday (~> 0.8)
      httpauth (~> 0.1)
      jwt (~> 0.1.4)
      multi_json (~> 1.0)
      rack (~> 1.2)
    pg (0.14.0)
    polyglot (0.3.3)
    posix-spawn (0.3.6)
    rack (1.4.1)
    rack-cache (1.2)
      rack (>= 0.4)
    rack-ssl (1.3.2)
      rack
    rack-test (0.6.1)
      rack (>= 1.0)
    rails (3.2.8)
      actionmailer (= 3.2.8)
      actionpack (= 3.2.8)
      activerecord (= 3.2.8)
      activeresource (= 3.2.8)
      activesupport (= 3.2.8)
      bundler (~> 1.0)
      railties (= 3.2.8)
    railties (3.2.8)
      actionpack (= 3.2.8)
      activesupport (= 3.2.8)
      rack-ssl (~> 1.3.2)
      rake (>= 0.8.7)
      rdoc (~> 3.4)
      thor (>= 0.14.6, < 2.0)
    raindrops (0.10.0)
    rake (0.9.2.2)
    rdoc (3.12)
      json (~> 1.4)
    remote_table (2.0.2)
      activesupport (>= 2.3.4)
      fastercsv (>= 1.5.0)
      fixed_width-multibyte (>= 0.2.3)
      hash_digest
      i18n
      roo (>= 1.9)
      unix_utils (>= 0.0.8)
    roo (1.10.1)
      choice (>= 0.1.4)
      google-spreadsheet-ruby (>= 0.1.5)
      nokogiri (>= 1.5.0)
      rubyzip (>= 0.9.4)
      spreadsheet (> 0.6.4)
      todonotes (>= 0.1.0)
    rspec (2.11.0)
      rspec-core (~> 2.11.0)
      rspec-expectations (~> 2.11.0)
      rspec-mocks (~> 2.11.0)
    rspec-core (2.11.1)
    rspec-expectations (2.11.2)
      diff-lcs (~> 1.1.3)
    rspec-mocks (2.11.2)
    rspec-rails (2.11.0)
      actionpack (>= 3.0)
      activesupport (>= 3.0)
      railties (>= 3.0)
      rspec (~> 2.11.0)
    ruby-ole (1.2.11.4)
    rubyzip (0.9.9)
    sass (3.2.1)
    sass-rails (3.2.5)
      railties (~> 3.2.0)
      sass (>= 3.1.10)
      tilt (~> 1.3)
    savon (0.9.2)
      builder (>= 2.1.2)
      gyoku (>= 0.4.0)
      httpi (>= 0.7.8)
      nokogiri (>= 1.4.0)
      nori (>= 0.2.0)
    selenium-webdriver (2.25.0)
      childprocess (>= 0.2.5)
      libwebsocket (~> 0.1.3)
      multi_json (~> 1.0)
      rubyzip
    spreadsheet (0.7.3)
      ruby-ole (>= 1.0)
    sprockets (2.1.3)
      hike (~> 1.2)
      rack (~> 1.0)
      tilt (~> 1.1, != 1.3.0)
    sqlite3 (1.3.6)
    sqlite3-ruby (1.3.3)
      sqlite3 (>= 1.3.3)
    statsd-ruby (1.0.0)
    table_warnings (1.0.1)
      activerecord
      activesupport
    thor (0.16.0)
    tilt (1.3.3)
    timeframe (0.2.1)
      activesupport (>= 2.3.5)
      i18n
      multi_json
    to_regexp (0.1.1)
    todonotes (0.1.0)
      log4r
    treetop (1.4.10)
      polyglot
      polyglot (>= 0.3.1)
    tronprint (1.2.3)
      carbon (~> 1.1.1)
      dkastner-moneta (~> 1.1.1)
      i18n
    tzinfo (0.3.33)
    uglifier (1.2.7)
      execjs (>= 0.3.0)
      multi_json (~> 1.3)
    unicorn (4.3.1)
      kgio (~> 2.6)
      rack
      raindrops (~> 0.7)
    unix_utils (0.0.14)
      posix-spawn
    upsert (0.3.4)
    weighted_average (2.0.2)
      activesupport (~> 3)
      arel (>= 2)
    xpath (0.1.4)
      nokogiri (~> 1.3)

PLATFORMS
  ruby

DEPENDENCIES
  airbrake
  bson_ext
  cache
  cache_method
  capybara
  carbon
  crack
  cucumber-rails
  dalli
  earth
  httpclient (~> 2.1)
  jquery-rails
  lock_method
  mongo
  nori (= 0.2.3)
  pg
  rails (= 3.2.8)
  rspec
  rspec-rails
  sass-rails (~> 3.2.3)
  savon (= 0.9.2)
  sqlite3-ruby
  statsd-ruby
  tronprint
  uglifier (>= 1.0.3)
  unicorn
